PATH
  remote: .
  specs:
    grapevine (0.3.10)
      OptionParser (~> 0.5.1)
      bitly (~> 0.6.1)
      commander (~> 4.0.3)
      daemons (~> 1.1.0)
      data_mapper (~> 1.0.2)
      log4r (~> 1.1.6)
      octopi (~> 0.4.0)
      rack (~> 1.2.0)
      slowweb (~> 0.1.1)
      terminal-table (~> 1.4.2)
      topsy (~> 0.3.6)
      twitter (~> 1.4.1)
      unindentable (~> 0.1.0)

GEM
  remote: http://rubygems.org/
  specs:
    OptionParser (0.5.1)
    addressable (2.2.4)
    api_cache (0.2.3)
    bitly (0.6.1)
      crack (>= 0.1.4)
      httparty (>= 0.5.2)
      oauth2 (>= 0.1.1)
    commander (4.0.4)
      highline (>= 1.5.0)
    crack (0.1.8)
    daemons (1.1.3)
    data_mapper (1.0.2)
      dm-aggregates (= 1.0.2)
      dm-constraints (= 1.0.2)
      dm-core (= 1.0.2)
      dm-migrations (= 1.0.2)
      dm-serializer (= 1.0.2)
      dm-timestamps (= 1.0.2)
      dm-transactions (= 1.0.2)
      dm-types (= 1.0.2)
      dm-validations (= 1.0.2)
    data_objects (0.10.3)
      addressable (~> 2.1)
    diff-lcs (1.1.2)
    dm-aggregates (1.0.2)
      dm-core (~> 1.0.2)
    dm-constraints (1.0.2)
      dm-core (~> 1.0.2)
      dm-migrations (~> 1.0.2)
    dm-core (1.0.2)
      addressable (~> 2.2)
      extlib (~> 0.9.15)
    dm-do-adapter (1.0.2)
      data_objects (~> 0.10.2)
      dm-core (~> 1.0.2)
    dm-migrations (1.0.2)
      dm-core (~> 1.0.2)
    dm-serializer (1.0.2)
      dm-core (~> 1.0.2)
      fastercsv (~> 1.5.3)
      json_pure (~> 1.4)
    dm-sqlite-adapter (1.0.2)
      dm-do-adapter (~> 1.0.2)
      do_sqlite3 (~> 0.10.2)
    dm-timestamps (1.0.2)
      dm-core (~> 1.0.2)
    dm-transactions (1.0.2)
      dm-core (~> 1.0.2)
    dm-types (1.0.2)
      dm-core (~> 1.0.2)
      fastercsv (~> 1.5.3)
      json_pure (~> 1.4)
      stringex (~> 1.1.0)
      uuidtools (~> 2.1.1)
    dm-validations (1.0.2)
      dm-core (~> 1.0.2)
    do_sqlite3 (0.10.3)
      data_objects (= 0.10.3)
    extlib (0.9.15)
    fakeweb (1.3.0)
    faraday (0.6.1)
      addressable (~> 2.2.4)
      multipart-post (~> 1.1.0)
      rack (>= 1.1.0, < 2)
    faraday_middleware (0.6.3)
      faraday (~> 0.6.0)
    fastercsv (1.5.4)
    hashie (1.0.0)
    highline (1.6.2)
    httparty (0.7.7)
      crack (= 0.1.8)
    json_pure (1.5.1)
    log4r (1.1.9)
    mechanize (1.0.0)
      nokogiri (>= 1.2.1)
    mocha (0.9.12)
    multi_json (1.0.2)
    multi_xml (0.2.2)
    multipart-post (1.1.1)
    nokogiri (1.4.4)
    oauth2 (0.4.1)
      faraday (~> 0.6.1)
      multi_json (>= 0.0.5)
    octopi (0.4.4)
      api_cache
      httparty (>= 0.4.5)
      mechanize (>= 0.9.3)
      nokogiri (>= 1.3.1)
    rack (1.2.2)
    rash (0.3.0)
      hashie (~> 1.0.0)
    rcov (0.9.9)
    rspec (2.4.0)
      rspec-core (~> 2.4.0)
      rspec-expectations (~> 2.4.0)
      rspec-mocks (~> 2.4.0)
    rspec-core (2.4.0)
    rspec-expectations (2.4.0)
      diff-lcs (~> 1.1.2)
    rspec-mocks (2.4.0)
    simple_oauth (0.1.5)
    slowweb (0.1.1)
    stringex (1.1.0)
    terminal-table (1.4.2)
    timecop (0.3.5)
    topsy (0.3.6)
      hashie (~> 1.0.0)
      httparty (>= 0.4.5)
    twitter (1.4.1)
      faraday (~> 0.6.1)
      faraday_middleware (~> 0.6.3)
      hashie (~> 1.0.0)
      multi_json (~> 1.0.0)
      multi_xml (~> 0.2.0)
      rash (~> 0.3.0)
      simple_oauth (~> 0.1.4)
    unindentable (0.1.0)
    uuidtools (2.1.2)

PLATFORMS
  ruby

DEPENDENCIES
  dm-sqlite-adapter (~> 1.0.2)
  fakeweb (~> 1.3.0)
  grapevine!
  mocha (~> 0.9.12)
  rcov (~> 0.9.9)
  rspec (~> 2.4.0)
  timecop (~> 0.3.5)
